GEM
  remote: http://rubygems.org/
  specs:
    dalli (2.6.4)
    dotenv (2.0.2)
    erubis (2.7.0)
    foreman (0.63.0)
      dotenv (>= 0.7)
      thor (>= 0.13.6)
    json (1.8.0)
    kgio (2.9.3)
    kramdown (1.8.0)
    mysql2 (0.3.18)
    mysql2-cs-bind (0.0.6)
      mysql2
    rack (1.6.4)
    rack-protection (1.5.3)
      rack
    raindrops (0.14.0)
    shotgun (0.9.1)
      rack (>= 1.0)
    sinatra (1.4.6)
      rack (~> 1.4)
      rack-protection (~> 1.4)
      tilt (>= 1.3, < 3)
    thor (0.19.1)
    tilt (2.0.1)
    unicorn (4.6.3)
      kgio (~> 2.6)
      rack
      raindrops (~> 0.7)

PLATFORMS
  ruby

DEPENDENCIES
  dalli (= 2.6.4)
  erubis (= 2.7.0)
  foreman (= 0.63.0)
  json (= 1.8.0)
  kramdown
  mysql2 (= 0.3.18)
  mysql2-cs-bind (= 0.0.6)
  shotgun
  sinatra (= 1.4.6)
  unicorn (= 4.6.3)
